##TITLE= Parameter file, TOPSPIN		Version 1.3
##JCAMPDX= 5.0
##DATATYPE= Parameter Values
##ORIGIN= Bruker BioSpin GmbH
##OWNER= reedma
$$ 2007-11-30 18:43:31.850 +0000  reedma@domitian
$$ /opt/data/reedma/nmr/AV_bserum/136/pdata/1//proc
##$ABSF1= 10
##$ABSF2= 0
##$ABSG= 5
##$ABSL= 3
##$ALPHA= 0
##$AQORDER= 0
##$ASSFAC= 0
##$ASSFACI= 0
##$ASSFACX= 0
##$ASSWID= 0
##$AUNMP= <proc_jres.mr>
##$AXLEFT= 0
##$AXRIGHT= 0
##$AXTYPE= 0
##$AXUNIT= <>
##$AZFE= 0.1
##$AZFW= 0.1
##$BCFW= 1
##$BC_mod= 0
##$BYTORDP= 1
##$COROFFS= 0
##$CY= 14
##$DATMOD= 1
##$DC= 2
##$DFILT= <>
##$DTYPP= 0
##$F1P= 6.83826778617993
##$F2P= 6.80750482955637
##$FCOR= 0.5
##$FTSIZE= 16384
##$FT_mod= 0
##$GAMMA= 1
##$GB= 0
##$INTBC= 1
##$INTSCL= 1
##$ISEN= 128
##$LB= 0.3
##$LEV0= 0
##$LPBIN= 0
##$MAXI= 10000
##$MC2= 0
##$MEAN= 0
##$ME_mod= 0
##$MI= 0
##$NCOEF= 0
##$NC_proc= 0
##$NLEV= 6
##$NOISF1= 6.175
##$NOISF2= 4.175
##$NSP= 1
##$NTH_PI= 0
##$NZP= 0
##$OFFSET= 9.898498
##$PC= 1
##$PHC0= 72.65
##$PHC1= 0
##$PH_mod= 1
##$PKNL= yes
##$PPARMOD= 1
##$PPDIAG= 0
##$PPIPTYP= 0
##$PPMPNUM= 100
##$PPRESOL= 1
##$PSCAL= 0
##$PSIGN= 0
##$REVERSE= no
##$SF= 500.18
##$SI= 16384
##$SIGF1= 3
##$SIGF2= 2
##$SINO= 400
##$SIOLD= 16384
##$SREGLST= <1H.H2O+D2O>
##$SSB= 0
##$STSI= 0
##$STSR= 0
##$SW_p= 5252.10084033615
##$SYMM= 0
##$S_DEV= 0
##$TDeff= 0
##$TDoff= 0
##$TI= <AV_25d
AV_samples_2d H2O+D2O /opt reedma 8

>
##$TILT= no
##$TM1= 0
##$TM2= 0
##$TOPLEV= 0
##$USERP1= <user>
##$USERP2= <user>
##$USERP3= <user>
##$USERP4= <user>
##$USERP5= <user>
##$WDW= 3
##$XDIM= 8192
##$YMAX_p= 0
##$YMIN_p= 0
##END=
