##TITLE= Parameter file, TOPSPIN		Version 1.3
##JCAMPDX= 5.0
##DATATYPE= Parameter Values
##ORIGIN= Bruker BioSpin GmbH
##OWNER= reedma
$$ 2007-11-28 05:19:56.167 +0000  reedma@domitian
$$ /opt/data/reedma/nmr/AV_bserum/20/pdata/1/procs
##$ABSF1= 0
##$ABSF2= 0
##$ABSG= 0
##$ABSL= 0
##$ALPHA= 0
##$AQORDER= 0
##$ASSFAC= 0
##$ASSFACI= 0
##$ASSFACX= 0
##$ASSWID= 0
##$AUNMP= <proc_jres.mr>
##$AXLEFT= 0
##$AXRIGHT= 0
##$AXTYPE= 0
##$AXUNIT= <>
##$AZFE= 0.1
##$AZFW= 0.1
##$BCFW= 0
##$BC_mod= 0
##$BYTORDP= 0
##$COROFFS= 0
##$CY= 14
##$DATMOD= 1
##$DC= 0
##$DFILT= <>
##$DTYPP= 0
##$F1P= 6.83826778617993
##$F2P= 6.80750482955637
##$FCOR= 0.5
##$FTSIZE= 16384
##$FT_mod= 6
##$GAMMA= 0
##$GB= 0
##$INTBC= 1
##$INTSCL= 1
##$ISEN= 128
##$LB= 0
##$LEV0= 0
##$LPBIN= 0
##$MAXI= 10000
##$MC2= 0
##$MEAN= 0
##$ME_mod= 0
##$MI= 0
##$NCOEF= 0
##$NC_proc= -3
##$NLEV= 6
##$NOISF1= 6.175
##$NOISF2= 4.175
##$NSP= 0
##$NTH_PI= 0
##$NZP= 0
##$OFFSET= 9.898498
##$PC= 1
##$PHC0= 72.65
##$PHC1= 0
##$PH_mod= 1
##$PKNL= yes
##$PPARMOD= 1
##$PPDIAG= 0
##$PPIPTYP= 0
##$PPMPNUM= 100
##$PPRESOL= 1
##$PSCAL= 0
##$PSIGN= 0
##$REVERSE= no
##$SF= 500.18
##$SI= 16384
##$SIGF1= 0
##$SIGF2= 0
##$SINO= 400
##$SIOLD= 16384
##$SREGLST= <1H.H2O+D2O>
##$SSB= 0
##$STSI= 16384
##$STSR= 0
##$SW_p= 5252.10084033615
##$SYMM= 3
##$S_DEV= 109811
##$TDeff= 16384
##$TDoff= 0
##$TI= <Blood cell treatment 24 h
bloodcell_jres D2O /opt emwasa 19

>
##$TILT= yes
##$TM1= 0
##$TM2= 0
##$TOPLEV= 0
##$USERP1= <user>
##$USERP2= <user>
##$USERP3= <user>
##$USERP4= <user>
##$USERP5= <user>
##$WDW= 3
##$XDIM= 16384
##$YMAX_p= 172511578
##$YMIN_p= 0
##END=
